GEM
  remote: https://rubygems.org/
  specs:
    mail (2.7.1)
      mini_mime (>= 0.1.1)
    mini_mime (1.0.2)
    mini_portile2 (2.4.0)
    nokogiri (1.10.9)
      mini_portile2 (~> 2.4.0)

PLATFORMS
  ruby

DEPENDENCIES
  mail (~> 2.7)
  nokogiri (~> 1.10)

BUNDLED WITH
   2.1.4
